PATH
  remote: .
  specs:
    kanbantastic (0.0.1)
      activemodel
      httparty

GEM
  remote: http://rubygems.org/
  specs:
    activemodel (3.0.4)
      activesupport (= 3.0.4)
      builder (~> 2.1.2)
      i18n (~> 0.4)
    activesupport (3.0.4)
    builder (2.1.2)
    crack (0.1.8)
    httparty (0.7.4)
      crack (= 0.1.8)
    i18n (0.5.0)

PLATFORMS
  ruby

DEPENDENCIES
  activemodel
  httparty
  kanbantastic!
