PATH
  remote: .
  specs:
    kanbantastic (0.1.0)
      activemodel
      httparty

GEM
  remote: http://rubygems.org/
  specs:
    activemodel (3.0.5)
      activesupport (= 3.0.5)
      builder (~> 2.1.2)
      i18n (~> 0.4)
    activesupport (3.0.5)
    builder (2.1.2)
    crack (0.1.8)
    diff-lcs (1.1.2)
    fakeweb (1.3.0)
    httparty (0.7.4)
      crack (= 0.1.8)
    i18n (0.5.0)
    mocha (0.9.12)
    rspec (2.5.0)
      rspec-core (~> 2.5.0)
      rspec-expectations (~> 2.5.0)
      rspec-mocks (~> 2.5.0)
    rspec-core (2.5.1)
    rspec-expectations (2.5.0)
      diff-lcs (~> 1.1.2)
    rspec-mocks (2.5.0)
    vcr (1.6.0)

PLATFORMS
  ruby

DEPENDENCIES
  fakeweb
  kanbantastic!
  mocha
  rspec
  vcr
